GEM
  remote: https://rubygems.org/
  specs:
    asciidoctor (2.0.23)
    csv (3.3.5)
    fastimage (2.4.0)
    minitest (5.25.5)
    rake (13.2.1)

PLATFORMS
  ruby
  x86_64-darwin-23

DEPENDENCIES
  asciidoctor
  csv
  fastimage
  minitest (~> 5.0)
  rake

BUNDLED WITH
   2.6.8
