GEM
  remote: https://rubygems.org/
  specs:
    addressable (2.8.7)
      public_suffix (>= 2.0.2, < 7.0)
    asciidoctor (2.0.23)
    bigdecimal (3.2.2)
    crack (1.0.0)
      bigdecimal
      rexml
    fastimage (2.4.0)
    hashdiff (1.2.0)
    minitest (5.25.5)
    public_suffix (6.0.2)
    rake (13.2.1)
    rexml (3.4.1)
    webmock (3.25.1)
      addressable (>= 2.8.0)
      crack (>= 0.3.2)
      hashdiff (>= 0.4.0, < 2.0.0)

PLATFORMS
  ruby
  x86_64-darwin-23

DEPENDENCIES
  asciidoctor
  fastimage
  minitest (~> 5.0)
  rake
  webmock

BUNDLED WITH
   2.6.8
